GEM
  remote: https://rubygems.org/
  specs:
    CFPropertyList (3.0.7)
      base64
      nkf
      rexml
    ast (2.4.3)
    atomos (0.1.3)
    base64 (0.3.0)
    claide (1.1.0)
    colored2 (3.1.2)
    daemons (1.4.1)
    diff-lcs (1.6.2)
    eventmachine (1.2.7)
    faye-websocket (0.12.0)
      eventmachine (>= 0.12.0)
      websocket-driver (>= 0.8.0)
    ffi (1.17.2-x86_64-darwin)
    fileutils (1.7.3)
    json (2.13.2)
    language_server-protocol (3.17.0.5)
    lint_roller (1.1.0)
    listen (3.9.0)
      rb-fsevent (~> 0.10, >= 0.10.3)
      rb-inotify (~> 0.9, >= 0.9.10)
    mustermann (3.0.4)
      ruby2_keywords (~> 0.0.1)
    nanaimo (0.4.0)
    nkf (0.2.0)
    parallel (1.27.0)
    parser (3.3.9.0)
      ast (~> 2.4.1)
      racc
    prism (1.4.0)
    racc (1.8.1)
    rack (2.2.17)
    rack-protection (3.2.0)
      base64 (>= 0.1.0)
      rack (~> 2.2, >= 2.2.4)
    rainbow (3.1.1)
    rb-fsevent (0.11.2)
    rb-inotify (0.11.1)
      ffi (~> 1.0)
    regexp_parser (2.11.0)
    rexml (3.4.1)
    rspec (3.13.1)
      rspec-core (~> 3.13.0)
      rspec-expectations (~> 3.13.0)
      rspec-mocks (~> 3.13.0)
    rspec-core (3.13.5)
      rspec-support (~> 3.13.0)
    rspec-expectations (3.13.5)
      diff-lcs (>= 1.2.0, < 2.0)
      rspec-support (~> 3.13.0)
    rspec-mocks (3.13.5)
      diff-lcs (>= 1.2.0, < 2.0)
      rspec-support (~> 3.13.0)
    rspec-support (3.13.4)
    rubocop (1.79.1)
      json (~> 2.3)
      language_server-protocol (~> 3.17.0.2)
      lint_roller (~> 1.1.0)
      parallel (~> 1.10)
      parser (>= 3.3.0.2)
      rainbow (>= 2.2.2, < 4.0)
      regexp_parser (>= 2.9.3, < 3.0)
      rubocop-ast (>= 1.46.0, < 2.0)
      ruby-progressbar (~> 1.7)
      unicode-display_width (>= 2.4.0, < 4.0)
    rubocop-ast (1.46.0)
      parser (>= 3.3.7.2)
      prism (~> 1.4)
    ruby-progressbar (1.13.0)
    ruby2_keywords (0.0.5)
    sinatra (3.2.0)
      mustermann (~> 3.0)
      rack (~> 2.2, >= 2.2.4)
      rack-protection (= 3.2.0)
      tilt (~> 2.0)
    thin (1.8.2)
      daemons (~> 1.0, >= 1.0.9)
      eventmachine (~> 1.0, >= 1.0.4)
      rack (>= 1, < 3)
    tilt (2.6.1)
    unicode-display_width (3.1.4)
      unicode-emoji (~> 4.0, >= 4.0.4)
    unicode-emoji (4.0.4)
    websocket-driver (0.8.0)
      base64
      websocket-extensions (>= 0.1.0)
    websocket-extensions (0.1.5)
    xcodeproj (1.27.0)
      CFPropertyList (>= 2.3.3, < 4.0)
      atomos (~> 0.1.3)
      claide (>= 1.0.2, < 2.0)
      colored2 (~> 3.1)
      nanaimo (~> 0.4.0)
      rexml (>= 3.3.6, < 4.0)

PLATFORMS
  x86_64-darwin-21
  x86_64-darwin-24

DEPENDENCIES
  bundler (>= 2.0)
  faye-websocket (~> 0.11)
  fileutils (~> 1.7)
  json (~> 2.6)
  listen (~> 3.8)
  rspec (~> 3.12)
  rubocop (~> 1.50)
  sinatra (~> 3.0)
  thin (~> 1.8)
  xcodeproj (~> 1.27)

RUBY VERSION
   ruby 2.7.4p191

BUNDLED WITH
   2.2.22
